GEM
  remote: https://rubygems.org/
  specs:
    mini_exiftool (2.8.0)
    thor (0.19.4)

PLATFORMS
  ruby

DEPENDENCIES
  mini_exiftool
  thor

BUNDLED WITH
   1.13.7
